GEM
  remote: https://rubygems.org/
  specs:
    coderay (1.0.5)
    json (1.6.5)
    json (1.6.5-java)
    limelight (0.5.5-java)
    method_source (0.7.0)
    pry (0.9.8.2-java)
      coderay (~> 1.0.5)
      method_source (~> 0.7)
      slop (>= 2.4.4, < 3)
      spoon (~> 0.0)
    rack (1.4.1)
    rack-protection (1.2.0)
      rack
    rspec (1.2.9)
    sinatra (1.3.2)
      rack (~> 1.3, >= 1.3.6)
      rack-protection (~> 1.2)
      tilt (~> 1.3, >= 1.3.3)
    slop (2.4.4)
    spoon (0.0.1)
    tilt (1.3.3)

PLATFORMS
  java

DEPENDENCIES
  json
  limelight
  pry
  rspec (= 1.2.9)
  sinatra
